PATH
  remote: .
  specs:
    brainscript (0.0.1)
      parslet

GEM
  remote: http://rubygems.org/
  specs:
    blankslate (2.1.2.4)
    bluecloth (2.1.0)
    minitest (2.1.0)
    mocha (0.9.12)
    parslet (1.2.0)
      blankslate (~> 2.0)
    yard (0.6.8)

PLATFORMS
  ruby

DEPENDENCIES
  bluecloth
  brainscript!
  minitest
  mocha
  yard
